GEM
  remote: http://rubygems.org/
  specs:
    coderay (1.0.5)
    nokogiri (1.5.0-x86-mingw32)

PLATFORMS
  x86-mingw32

DEPENDENCIES
  coderay
  nokogiri
